GIT
  remote: git://github.com/mivok/markdownlint.git
  revision: dfa943cbfd7472172461cf11d2b7f60af7e3abe3
  specs:
    mdl (0.3.1)
      kramdown (~> 1.8, >= 1.8.0)
      mixlib-cli (~> 1.5, >= 1.5.0)
      mixlib-config (~> 2.1, >= 2.1.0)

GIT
  remote: git://github.com/pry/pry.git
  revision: f5c97cac103a9f04b854ed5b117a8cc27c7e8dd6
  specs:
    pry (0.10.3)
      coderay (~> 1.1.0)
      method_source (~> 0.8.1)

GIT
  remote: git://github.com/rocky/rb-linecache2.git
  revision: ea2284d515f3977a1b4faa2e54444bce9a69a38e
  specs:
    linecache2 (1.4.0)

PATH
  remote: .
  specs:
    byebug (9.0.5)

GEM
  remote: https://rubygems.org/
  specs:
    addressable (2.4.0)
    ast (2.2.0)
    backports (3.6.8)
    chandler (0.3.1)
      netrc
      octokit (>= 2.2.0)
    childprocess (0.5.9)
      ffi (~> 1.0, >= 1.0.11)
    codeclimate-test-reporter (0.5.0)
      simplecov (>= 0.7.1, < 1.0.0)
    coderay (1.1.1)
    docile (1.1.5)
    ethon (0.9.0)
      ffi (>= 1.3.0)
    faraday (0.9.2)
      multipart-post (>= 1.2, < 3)
    faraday_middleware (0.10.0)
      faraday (>= 0.7.4, < 0.10)
    ffi (1.9.10)
    gh (0.14.0)
      addressable
      backports
      faraday (~> 0.8)
      multi_json (~> 1.0)
      net-http-persistent (>= 2.7)
      net-http-pipeline
    highline (1.7.8)
    iniparse (1.4.2)
    json (1.8.3)
    kramdown (1.11.1)
    launchy (2.4.3)
      addressable (~> 2.3)
    method_source (0.8.2)
    minitest (5.9.0)
    mixlib-cli (1.6.0)
    mixlib-config (2.2.1)
    multi_json (1.12.1)
    multipart-post (2.0.0)
    net-http-persistent (2.9.4)
    net-http-pipeline (1.0.1)
    netrc (0.11.0)
    octokit (4.3.0)
      sawyer (~> 0.7.0, >= 0.5.3)
    overcommit (0.33.0)
      childprocess (~> 0.5.8)
      iniparse (~> 1.4)
    parser (2.3.1.0)
      ast (~> 2.2)
    powerpack (0.1.1)
    pusher-client (0.6.2)
      json
      websocket (~> 1.0)
    rainbow (2.1.0)
    rake (11.1.2)
    rake-compiler (0.9.9)
      rake
    rubocop (0.40.0)
      parser (>= 2.3.1.0, < 3.0)
      powerpack (~> 0.1)
      rainbow (>= 1.99.1, < 3.0)
      ruby-progressbar (~> 1.7)
      unicode-display_width (~> 1.0, >= 1.0.1)
    ruby-progressbar (1.8.1)
    sawyer (0.7.0)
      addressable (>= 2.3.5, < 2.5)
      faraday (~> 0.8, < 0.10)
    simplecov (0.11.2)
      docile (~> 1.1.0)
      json (~> 1.8)
      simplecov-html (~> 0.10.0)
    simplecov-html (0.10.0)
    term-ansicolor (1.3.2)
      tins (~> 1.0)
    tins (1.11.0)
    travis (1.8.2)
      backports
      faraday (~> 0.9)
      faraday_middleware (~> 0.9, >= 0.9.1)
      gh (~> 0.13)
      highline (~> 1.6)
      launchy (~> 2.1)
      pusher-client (~> 0.4)
      typhoeus (~> 0.6, >= 0.6.8)
    typhoeus (0.8.0)
      ethon (>= 0.8.0)
    unicode-display_width (1.0.5)
    websocket (1.2.3)
    yard (0.8.7.6)

PLATFORMS
  ruby

DEPENDENCIES
  bundler (~> 1.7)
  byebug!
  chandler (= 0.3.1)
  codeclimate-test-reporter (= 0.5.0)
  linecache2!
  mdl!
  minitest (~> 5.7)
  overcommit (= 0.33.0)
  pry!
  rake (~> 11.1)
  rake-compiler (= 0.9.9)
  rubocop (= 0.40.0)
  simplecov (= 0.11.2)
  term-ansicolor (~> 1.3)
  travis (~> 1.8)
  yard (= 0.8.7.6)

BUNDLED WITH
   1.12.5
