PATH
  remote: .
  specs:
    byebug (12.0.0)
      reline (>= 0.6.0)

GEM
  remote: https://rubygems.org/
  specs:
    addressable (2.8.7)
      public_suffix (>= 2.0.2, < 7.0)
    chandler (0.9.0)
      netrc
      octokit (>= 2.2.0)
    coderay (1.1.3)
    date (3.4.1)
    erb (5.0.2)
    faraday (2.14.0)
      faraday-net_http (>= 2.0, < 3.5)
      json
      logger
    faraday-net_http (3.4.1)
      net-http (>= 0.5.0)
    faraday-retry (2.3.2)
      faraday (~> 2.0)
    io-console (0.8.1)
    irb (1.15.2)
      pp (>= 0.6.0)
      rdoc (>= 4.0.0)
      reline (>= 0.4.2)
    json (2.15.0)
    logger (1.7.0)
    method_source (1.0.0)
    minitest (5.26.0)
    net-http (0.6.0)
      uri
    netrc (0.11.0)
    octokit (9.2.0)
      faraday (>= 1, < 3)
      sawyer (~> 0.9)
    pp (0.6.2)
      prettyprint
    prettyprint (0.2.0)
    pry (0.15.2)
      coderay (~> 1.1)
      method_source (~> 1.0)
    psych (5.2.6)
      date
      stringio
    public_suffix (6.0.1)
    rake (13.3.0)
    rake-compiler (1.3.0)
      rake
    rdoc (6.14.2)
      erb
      psych (>= 4.0.0)
    reline (0.6.2)
      io-console (~> 0.5)
    sawyer (0.9.2)
      addressable (>= 2.3.5)
      faraday (>= 0.17.3, < 3)
    stringio (3.1.7)
    uri (1.0.3)
    yard (0.9.37)

PLATFORMS
  arm64-darwin
  ruby
  x86_64-linux

DEPENDENCIES
  bundler (~> 2.0)
  byebug!
  chandler (= 0.9.0)
  faraday-retry (~> 2.2)
  irb (~> 1.15)
  minitest (~> 5.25)
  pry (= 0.15.2)
  rake (~> 13.0)
  rake-compiler (~> 1.0)
  yard (= 0.9.37)

BUNDLED WITH
   2.6.6
