PATH
  remote: .
  specs:
    byebug (12.0.0)

GEM
  remote: https://rubygems.org/
  specs:
    addressable (2.8.7)
      public_suffix (>= 2.0.2, < 7.0)
    chandler (0.9.0)
      netrc
      octokit (>= 2.2.0)
    coderay (1.1.3)
    faraday (2.12.2)
      faraday-net_http (>= 2.0, < 3.5)
      json
      logger
    faraday-net_http (3.4.0)
      net-http (>= 0.5.0)
    faraday-retry (2.2.1)
      faraday (~> 2.0)
    json (2.10.2)
    logger (1.6.6)
    method_source (1.0.0)
    minitest (5.25.5)
    net-http (0.6.0)
      uri
    netrc (0.11.0)
    octokit (9.2.0)
      faraday (>= 1, < 3)
      sawyer (~> 0.9)
    pry (0.15.2)
      coderay (~> 1.1)
      method_source (~> 1.0)
    public_suffix (6.0.1)
    rake (13.2.1)
    rake-compiler (1.2.9)
      rake
    sawyer (0.9.2)
      addressable (>= 2.3.5)
      faraday (>= 0.17.3, < 3)
    uri (1.0.3)
    yard (0.9.37)

PLATFORMS
  ruby
  x86_64-linux

DEPENDENCIES
  bundler (~> 2.0)
  byebug!
  chandler (= 0.9.0)
  faraday-retry (~> 2.2)
  minitest (~> 5.25)
  pry (= 0.15.2)
  rake (~> 13.0)
  rake-compiler (~> 1.0)
  yard (= 0.9.37)

BUNDLED WITH
   2.6.6
