PATH
  remote: .
  specs:
    byebug (11.0.1)

GEM
  remote: https://rubygems.org/
  specs:
    addressable (2.5.2)
      public_suffix (>= 2.0.2, < 4.0)
    ast (2.4.0)
    chandler (0.9.0)
      netrc
      octokit (>= 2.2.0)
    coderay (1.1.2)
    docile (1.3.2)
    faraday (0.15.4)
      multipart-post (>= 1.2, < 3)
    jaro_winkler (1.5.3)
    json (2.2.0)
    kramdown (2.1.0)
    kramdown-parser-gfm (1.1.0)
      kramdown (~> 2.0)
    mdl (0.7.0)
      kramdown (~> 2.0)
      kramdown-parser-gfm (~> 1.0)
      mixlib-cli (~> 2.1, >= 2.1.1)
      mixlib-config (>= 2.2.1, < 4)
    method_source (0.9.2)
    minitest (5.12.2)
    mixlib-cli (2.1.1)
    mixlib-config (3.0.1)
      tomlrb
    multipart-post (2.0.0)
    netrc (0.11.0)
    octokit (4.14.0)
      sawyer (~> 0.8.0, >= 0.5.3)
    parallel (1.18.0)
    parser (2.6.5.0)
      ast (~> 2.4.0)
    pry (0.12.2)
      coderay (~> 1.1.0)
      method_source (~> 0.9.0)
    public_suffix (3.0.3)
    rainbow (3.0.0)
    rake (13.0.0)
    rake-compiler (1.0.8)
      rake
    rubocop (0.76.0)
      jaro_winkler (~> 1.5.1)
      parallel (~> 1.10)
      parser (>= 2.6)
      rainbow (>= 2.2.2, < 4.0)
      ruby-progressbar (~> 1.7)
      unicode-display_width (>= 1.4.0, < 1.7)
    rubocop-performance (1.5.0)
      rubocop (>= 0.71.0)
    ruby-progressbar (1.10.1)
    sawyer (0.8.1)
      addressable (>= 2.3.5, < 2.6)
      faraday (~> 0.8, < 1.0)
    simplecov (0.17.1)
      docile (~> 1.1)
      json (>= 1.8, < 3)
      simplecov-html (~> 0.10.0)
    simplecov-html (0.10.2)
    tomlrb (1.2.8)
    unicode-display_width (1.6.0)
    yard (0.9.20)

PLATFORMS
  ruby

DEPENDENCIES
  bundler (~> 2.0)
  byebug!
  chandler (= 0.9.0)
  mdl (= 0.7.0)
  minitest (~> 5.11)
  pry (= 0.12.2)
  rake (~> 13.0)
  rake-compiler (~> 1.0)
  rubocop (= 0.76.0)
  rubocop-performance (~> 1.3)
  simplecov (= 0.17.1)
  yard (= 0.9.20)

BUNDLED WITH
   2.0.2
