PATH
  remote: .
  specs:
    byebug (10.0.2)

GEM
  remote: https://rubygems.org/
  specs:
    addressable (2.5.2)
      public_suffix (>= 2.0.2, < 4.0)
    ast (2.4.0)
    chandler (0.7.0)
      netrc
      octokit (>= 2.2.0)
    coderay (1.1.2)
    docile (1.3.0)
    faraday (0.13.1)
      multipart-post (>= 1.2, < 3)
    jaro_winkler (1.5.1)
    json (2.1.0)
    kramdown (1.17.0)
    mdl (0.5.0)
      kramdown (~> 1.12, >= 1.12.0)
      mixlib-cli (~> 1.7, >= 1.7.0)
      mixlib-config (~> 2.2, >= 2.2.1)
    method_source (0.9.2)
    minitest (5.11.3)
    mixlib-cli (1.7.0)
    mixlib-config (2.2.8)
      tomlrb
    multipart-post (2.0.0)
    netrc (0.11.0)
    octokit (4.8.0)
      sawyer (~> 0.8.0, >= 0.5.3)
    parallel (1.12.1)
    parser (2.5.3.0)
      ast (~> 2.4.0)
    powerpack (0.1.2)
    pry (0.12.2)
      coderay (~> 1.1.0)
      method_source (~> 0.9.0)
    public_suffix (3.0.1)
    rainbow (3.0.0)
    rake (12.3.1)
    rake-compiler (1.0.5)
      rake
    rubocop (0.60.0)
      jaro_winkler (~> 1.5.1)
      parallel (~> 1.10)
      parser (>= 2.5, != 2.5.1.1)
      powerpack (~> 0.1)
      rainbow (>= 2.2.2, < 4.0)
      ruby-progressbar (~> 1.7)
      unicode-display_width (~> 1.4.0)
    ruby-progressbar (1.10.0)
    sawyer (0.8.1)
      addressable (>= 2.3.5, < 2.6)
      faraday (~> 0.8, < 1.0)
    simplecov (0.16.1)
      docile (~> 1.1)
      json (>= 1.8, < 3)
      simplecov-html (~> 0.10.0)
    simplecov-html (0.10.2)
    tomlrb (1.2.7)
    unicode-display_width (1.4.0)
    yard (0.9.16)

PLATFORMS
  ruby

DEPENDENCIES
  bundler (~> 1.7)
  byebug!
  chandler (= 0.7.0)
  mdl (= 0.5.0)
  minitest (~> 5.11)
  pry (= 0.12.2)
  rake (~> 12.3)
  rake-compiler (~> 1.0)
  rubocop (= 0.60.0)
  simplecov (= 0.16.1)
  yard (= 0.9.16)

BUNDLED WITH
   1.16.6
