PATH
  remote: .
  specs:
    byebug (11.1.3)

GEM
  remote: https://rubygems.org/
  specs:
    addressable (2.7.0)
      public_suffix (>= 2.0.2, < 5.0)
    chandler (0.9.0)
      netrc
      octokit (>= 2.2.0)
    coderay (1.1.3)
    faraday (1.0.0)
      multipart-post (>= 1.2, < 3)
    method_source (1.0.0)
    minitest (5.25.5)
    multipart-post (2.1.1)
    netrc (0.11.0)
    octokit (4.15.0)
      faraday (>= 0.9)
      sawyer (~> 0.8.0, >= 0.5.3)
    pry (0.14.1)
      coderay (~> 1.1)
      method_source (~> 1.0)
    public_suffix (4.0.3)
    rake (13.0.3)
    rake-compiler (1.1.1)
      rake
    sawyer (0.8.2)
      addressable (>= 2.3.5)
      faraday (> 0.8, < 2.0)
    yard (0.9.26)

PLATFORMS
  ruby
  x86_64-linux

DEPENDENCIES
  bundler (~> 2.0)
  byebug!
  chandler (= 0.9.0)
  minitest (~> 5.25)
  pry (= 0.14.1)
  rake (~> 13.0)
  rake-compiler (~> 1.0)
  yard (= 0.9.26)

BUNDLED WITH
   2.6.6
